GIT
  remote: https://github.com/pool2win/bitcoinrb.git
  revision: ea612d93876376041fc2638b27e30d79c1a9177e
  branch: add-witness_v1_taproot_type
  specs:
    bitcoinrb (1.5.0)
      base32 (>= 0.3.4)
      bech32 (>= 1.3.0)
      bip-schnorr (>= 0.7.0)
      daemon-spawn
      ecdsa_ext (~> 0.5.1)
      eventmachine
      eventmachine_httpserver
      ffi
      iniparse
      json_pure (>= 2.3.1)
      leb128 (~> 1.0.0)
      murmurhash3 (~> 0.1.7)
      siphash
      thor

GEM
  remote: https://rubygems.org/
  specs:
    activesupport (7.1.3.2)
      base64
      bigdecimal
      concurrent-ruby (~> 1.0, >= 1.0.2)
      connection_pool (>= 2.2.5)
      drb
      i18n (>= 1.6, < 2)
      minitest (>= 5.1)
      mutex_m
      tzinfo (~> 2.0)
    ast (2.4.2)
    backport (1.2.0)
    base32 (0.3.4)
    base64 (0.2.0)
    bech32 (1.4.2)
      thor (>= 1.1.0)
    benchmark (0.3.0)
    bigdecimal (3.1.7)
    bip-schnorr (0.7.0)
      ecdsa_ext (~> 0.5.0)
    concurrent-ruby (1.2.3)
    connection_pool (2.4.1)
    daemon-spawn (0.4.2)
    data_uri (0.1.0)
    diff-lcs (1.5.1)
    drb (2.2.1)
    e2mmap (0.1.0)
    ecdsa (1.2.0)
    ecdsa_ext (0.5.1)
      ecdsa (~> 1.2.0)
    eventmachine (1.2.7)
    eventmachine_httpserver (0.2.1)
    ffi (1.16.3)
    ffi-rzmq (2.0.7)
      ffi-rzmq-core (>= 1.0.7)
    ffi-rzmq-core (1.0.7)
      ffi
    i18n (1.14.4)
      concurrent-ruby (~> 1.0)
    iniparse (1.5.0)
    io-console (0.7.2)
    irb (1.12.0)
      rdoc
      reline (>= 0.4.2)
    iruby (0.7.4)
      data_uri (~> 0.1)
      ffi-rzmq
      irb
      mime-types (>= 3.3.1)
      multi_json (~> 1.11)
      native-package-installer
    jaro_winkler (1.5.6)
    json (2.7.2)
    json_pure (2.7.2)
    kramdown (2.4.0)
      rexml
    kramdown-parser-gfm (1.1.0)
      kramdown (~> 2.0)
    language_server-protocol (3.17.0.3)
    leb128 (1.0.0)
    mime-types (3.5.2)
      mime-types-data (~> 3.2015)
    mime-types-data (3.2024.0305)
    mini_portile2 (2.8.6)
    minitest (5.22.3)
    multi_json (1.15.0)
    murmurhash3 (0.1.7)
    mutex_m (0.2.0)
    native-package-installer (1.1.9)
    nokogiri (1.16.4)
      mini_portile2 (~> 2.8.2)
      racc (~> 1.4)
    nokogiri (1.16.4-x86_64-linux)
      racc (~> 1.4)
    parallel (1.24.0)
    parser (3.3.0.5)
      ast (~> 2.4.1)
      racc
    power_assert (2.0.3)
    psych (5.1.2)
      stringio
    racc (1.7.3)
    rainbow (3.1.1)
    rake (13.2.1)
    rbs (2.8.4)
    rdoc (6.6.3.1)
      psych (>= 4.0.0)
    regexp_parser (2.9.0)
    reline (0.5.1)
      io-console (~> 0.5)
    reverse_markdown (2.1.1)
      nokogiri
    rexml (3.2.6)
    rspec (3.13.0)
      rspec-core (~> 3.13.0)
      rspec-expectations (~> 3.13.0)
      rspec-mocks (~> 3.13.0)
    rspec-core (3.13.0)
      rspec-support (~> 3.13.0)
    rspec-expectations (3.13.0)
      diff-lcs (>= 1.2.0, < 2.0)
      rspec-support (~> 3.13.0)
    rspec-mocks (3.13.0)
      diff-lcs (>= 1.2.0, < 2.0)
      rspec-support (~> 3.13.0)
    rspec-support (3.13.1)
    rubocop (1.63.1)
      json (~> 2.3)
      language_server-protocol (>= 3.17.0)
      parallel (~> 1.10)
      parser (>= 3.3.0.2)
      rainbow (>= 2.2.2, < 4.0)
      regexp_parser (>= 1.8, < 3.0)
      rexml (>= 3.2.5, < 4.0)
      rubocop-ast (>= 1.31.1, < 2.0)
      ruby-progressbar (~> 1.7)
      unicode-display_width (>= 2.4.0, < 3.0)
    rubocop-ast (1.31.2)
      parser (>= 3.3.0.4)
    ruby-progressbar (1.13.0)
    siphash (0.0.1)
    solargraph (0.50.0)
      backport (~> 1.2)
      benchmark
      bundler (~> 2.0)
      diff-lcs (~> 1.4)
      e2mmap
      jaro_winkler (~> 1.5)
      kramdown (~> 2.3)
      kramdown-parser-gfm (~> 1.1)
      parser (~> 3.0)
      rbs (~> 2.0)
      reverse_markdown (~> 2.0)
      rubocop (~> 1.38)
      thor (~> 1.0)
      tilt (~> 2.0)
      yard (~> 0.9, >= 0.9.24)
    stringio (3.1.0)
    test-unit (3.6.2)
      power_assert
    thor (1.3.1)
    tilt (2.3.0)
    tzinfo (2.0.6)
      concurrent-ruby (~> 1.0)
    unicode-display_width (2.5.0)
    yard (0.9.36)

PLATFORMS
  ruby
  x86_64-linux

DEPENDENCIES
  activesupport (~> 7.1)
  bitcoinrb!
  iruby (~> 0.7.4)
  rake (~> 13.1)
  rspec (~> 3.13)
  rubocop (~> 1.62)
  solargraph (~> 0.50.0)
  test-unit (~> 3.6)

BUNDLED WITH
   2.5.5
